GIT
  remote: git://github.com/lookout/protobuffy.git
  revision: e0e212bdee3ddbd9a518b8045c4ac9c271f0ea54
  specs:
    protobuffy (3.3.0)
      activesupport (>= 3.2)
      middleware
      multi_json
      thor

PATH
  remote: .
  specs:
    elementary-rpc (2.7.0.dev)
      concurrent-ruby (>= 0.7)
      faraday (~> 0.9.0)
      hashie
      lookout-statsd (~> 2.0.0)
      net-http-persistent (~> 2.9.4)

GEM
  remote: https://rubygems.org/
  specs:
    activesupport (4.2.1)
      i18n (~> 0.7)
      json (~> 1.7, >= 1.7.7)
      minitest (~> 5.1)
      thread_safe (~> 0.3, >= 0.3.4)
      tzinfo (~> 1.1)
    byebug (8.2.1)
    coderay (1.1.0)
    columnize (0.9.0)
    concurrent-ruby (1.0.2)
    concurrent-ruby (1.0.2-java)
    debugger (1.6.8)
      columnize (>= 0.3.1)
      debugger-linecache (~> 1.2.0)
      debugger-ruby_core_source (~> 1.3.5)
    debugger-linecache (1.2.0)
    debugger-pry (0.1.1)
      debugger (~> 1)
      pry (>= 0.9.9)
    debugger-ruby_core_source (1.3.8)
    diff-lcs (1.2.5)
    faraday (0.9.2)
      multipart-post (>= 1.2, < 3)
    ffi (1.9.6-java)
    hashie (3.4.4)
    i18n (0.7.0)
    json (1.8.2)
    json (1.8.2-java)
    lookout-statsd (2.0.3)
    method_source (0.8.2)
    middleware (0.1.0)
    minitest (5.5.1)
    multi_json (1.11.0)
    multipart-post (2.0.0)
    net-http-persistent (2.9.4)
    pry (0.10.1)
      coderay (~> 1.1.0)
      method_source (~> 0.8.1)
      slop (~> 3.4)
    pry (0.10.1-java)
      coderay (~> 1.1.0)
      method_source (~> 0.8.1)
      slop (~> 3.4)
      spoon (~> 0.0)
    rake (10.5.0)
    rspec (3.1.0)
      rspec-core (~> 3.1.0)
      rspec-expectations (~> 3.1.0)
      rspec-mocks (~> 3.1.0)
    rspec-core (3.1.7)
      rspec-support (~> 3.1.0)
    rspec-expectations (3.1.2)
      diff-lcs (>= 1.2.0, < 2.0)
      rspec-support (~> 3.1.0)
    rspec-mocks (3.1.3)
      rspec-support (~> 3.1.0)
    rspec-support (3.1.2)
    slop (3.6.0)
    spoon (0.0.4)
      ffi
    thor (0.19.1)
    thread_safe (0.3.5)
    thread_safe (0.3.5-java)
    tzinfo (1.2.2)
      thread_safe (~> 0.1)

PLATFORMS
  java
  ruby

DEPENDENCIES
  bundler (~> 1.6)
  byebug
  debugger
  debugger-pry
  elementary-rpc!
  protobuffy!
  pry
  rake (= 10.5.0)
  rspec

BUNDLED WITH
   1.12.5
