GIT
  remote: git://github.com/lookout/protobuffy.git
  revision: 08a10a3324157363d0f4fc2123ca00b73487c625
  specs:
    protobuffy (3.5.1)
      activesupport (>= 3.2)
      middleware
      multi_json
      thor

PATH
  remote: .
  specs:
    elementary-rpc (2.7.0.dev)
      concurrent-ruby (>= 0.7)
      faraday (~> 0.9.0)
      hashie
      lookout-statsd (~> 2.0.0)
      net-http-persistent (~> 2.9.4)

GEM
  remote: https://rubygems.org/
  specs:
    activesupport (4.2.4)
      i18n (~> 0.7)
      json (~> 1.7, >= 1.7.7)
      minitest (~> 5.1)
      thread_safe (~> 0.3, >= 0.3.4)
      tzinfo (~> 1.1)
    byebug (9.0.5)
    coderay (1.1.1)
    columnize (0.9.0)
    concurrent-ruby (1.0.2)
    debugger (1.6.8)
      columnize (>= 0.3.1)
      debugger-linecache (~> 1.2.0)
      debugger-ruby_core_source (~> 1.3.5)
    debugger-linecache (1.2.0)
    debugger-pry (0.1.1)
      debugger (~> 1)
      pry (>= 0.9.9)
    debugger-ruby_core_source (1.3.8)
    diff-lcs (1.2.5)
    faraday (0.9.2)
      multipart-post (>= 1.2, < 3)
    hashie (3.4.4)
    i18n (0.7.0)
    json (1.8.3)
    lookout-statsd (2.0.3)
    method_source (0.8.2)
    middleware (0.1.0)
    minitest (5.9.0)
    multi_json (1.12.1)
    multipart-post (2.0.0)
    net-http-persistent (2.9.4)
    pry (0.10.4)
      coderay (~> 1.1.0)
      method_source (~> 0.8.1)
      slop (~> 3.4)
    rake (10.5.0)
    rspec (3.5.0)
      rspec-core (~> 3.5.0)
      rspec-expectations (~> 3.5.0)
      rspec-mocks (~> 3.5.0)
    rspec-core (3.5.1)
      rspec-support (~> 3.5.0)
    rspec-expectations (3.5.0)
      diff-lcs (>= 1.2.0, < 2.0)
      rspec-support (~> 3.5.0)
    rspec-mocks (3.5.0)
      diff-lcs (>= 1.2.0, < 2.0)
      rspec-support (~> 3.5.0)
    rspec-support (3.5.0)
    slop (3.6.0)
    thor (0.19.1)
    thread_safe (0.3.5)
    tzinfo (1.2.2)
      thread_safe (~> 0.1)

PLATFORMS
  ruby

DEPENDENCIES
  activesupport (= 4.2.4)
  bundler (~> 1.6)
  byebug
  concurrent-ruby (>= 0.7)
  debugger
  debugger-pry
  elementary-rpc!
  faraday (~> 0.9.0)
  hashie
  lookout-statsd (~> 2.0.0)
  net-http-persistent (~> 2.9.4)
  protobuffy!
  pry
  rake (= 10.5.0)
  rspec

BUNDLED WITH
   1.12.5
